GEM
  remote: https://rubygems.org/
  specs:
    power_assert (0.3.0)
    test-unit (3.2.0)
      power_assert

PLATFORMS
  ruby

DEPENDENCIES
  test-unit (= 3.2.0)

RUBY VERSION
   ruby 2.3.0p0

BUNDLED WITH
   1.12.5
